GIT
  remote: https://github.com/SciRuby/daru.git
  revision: 3ac3d15f3c1b2e7f5a00b61e6cc81c652d4d0250
  specs:
    daru (0.3)
      packable (~> 1.3.13)

GEM
  remote: http://rubygems.org/
  specs:
    activemodel (6.1.4)
      activesupport (= 6.1.4)
    activesupport (6.1.4)
      concurrent-ruby (~> 1.0, >= 1.0.2)
      i18n (>= 1.6, < 2)
      minitest (>= 5.1)
      tzinfo (~> 2.0)
      zeitwerk (~> 2.3)
    alphavantagerb (1.4.0)
      httparty (>= 0.15.6)
      humanize (>= 1.7.0)
    backports (3.21.0)
    byebug (11.1.3)
    coderay (1.1.3)
    concurrent-ruby (1.1.9)
    diff-lcs (1.4.4)
    global (2.0.0)
      activesupport (>= 2.0)
    httparty (0.21.0)
      mini_mime (>= 1.0.0)
      multi_xml (>= 0.5.2)
    humanize (2.5.1)
    i18n (1.8.10)
      concurrent-ruby (~> 1.0)
    method_source (1.0.0)
    mini_mime (1.1.2)
    minitest (5.14.4)
    multi_xml (0.6.0)
    packable (1.3.14)
      backports
    pry (0.13.1)
      coderay (~> 1.1)
      method_source (~> 1.0)
    pry-byebug (3.9.0)
      byebug (~> 11.0)
      pry (~> 0.13.0)
    rake (13.0.6)
    retriable (3.1.2)
    rspec (3.10.0)
      rspec-core (~> 3.10.0)
      rspec-expectations (~> 3.10.0)
      rspec-mocks (~> 3.10.0)
    rspec-core (3.10.1)
      rspec-support (~> 3.10.0)
    rspec-expectations (3.10.1)
      diff-lcs (>= 1.2.0, < 2.0)
      rspec-support (~> 3.10.0)
    rspec-mocks (3.10.2)
      diff-lcs (>= 1.2.0, < 2.0)
      rspec-support (~> 3.10.0)
    rspec-support (3.10.2)
    tzinfo (2.0.4)
      concurrent-ruby (~> 1.0)
    zeitwerk (2.4.2)

PLATFORMS
  x86_64-darwin-20
  x86_64-linux

DEPENDENCIES
  activemodel
  activesupport
  alphavantagerb
  daru!
  global
  pry-byebug
  rake
  retriable
  rspec
  zeitwerk

BUNDLED WITH
   2.2.15
